PATH
  remote: .
  specs:
    netlify (0.2.2)
      highline
      oauth2 (>= 0.9.2)
      octokit
      slop

GEM
  remote: https://rubygems.org/
  specs:
    addressable (2.5.2)
      public_suffix (>= 2.0.2, < 4.0)
    crack (0.4.3)
      safe_yaml (~> 1.0.0)
    faraday (0.12.2)
      multipart-post (>= 1.2, < 3)
    hashdiff (0.3.6)
    highline (1.7.8)
    jwt (1.5.6)
    minitest (5.10.3)
    multi_json (1.12.2)
    multi_xml (0.6.0)
    multipart-post (2.0.0)
    oauth2 (1.4.0)
      faraday (>= 0.8, < 0.13)
      jwt (~> 1.0)
      multi_json (~> 1.3)
      multi_xml (~> 0.5)
      rack (>= 1.2, < 3)
    octokit (4.7.0)
      sawyer (~> 0.8.0, >= 0.5.3)
    public_suffix (3.0.0)
    rack (2.0.3)
    rake (10.4.2)
    safe_yaml (1.0.4)
    sawyer (0.8.1)
      addressable (>= 2.3.5, < 2.6)
      faraday (~> 0.8, < 1.0)
    slop (4.5.0)
    webmock (3.0.1)
      addressable (>= 2.3.6)
      crack (>= 0.3.2)
      hashdiff

PLATFORMS
  ruby

DEPENDENCIES
  minitest
  netlify!
  rake
  webmock

BUNDLED WITH
   1.15.4
